PATH
  remote: .
  specs:
    gameplan (0.0.1)
      rainbow

GEM
  remote: http://rubygems.org/
  specs:
    rainbow (1.1.3)

PLATFORMS
  ruby

DEPENDENCIES
  gameplan!
