PATH
  remote: .
  specs:
    gameplan (0.0.1)
      rainbow
      renee (~> 0.3.7)
      thin

GEM
  remote: http://rubygems.org/
  specs:
    callsite (0.0.11)
    daemons (1.1.8)
    eventmachine (0.12.10)
    rack (1.3.6)
    rainbow (1.1.3)
    renee (0.3.11)
      renee-core (= 0.3.11)
      renee-render (= 0.3.11)
    renee-core (0.3.11)
      rack (~> 1.3.0)
    renee-render (0.3.11)
      callsite (~> 0.0.6)
      rack (~> 1.3.0)
      renee-core (= 0.3.11)
      tilt (~> 1.3.3)
    thin (1.3.1)
      daemons (>= 1.0.9)
      eventmachine (>= 0.12.6)
      rack (>= 1.0.0)
    tilt (1.3.3)

PLATFORMS
  ruby

DEPENDENCIES
  gameplan!
